GEM
  remote: https://rubygems.org/
  specs:
    gosu (0.7.50)
    hasu (0.1.4)
      gosu

PLATFORMS
  ruby

DEPENDENCIES
  hasu
